GEM
  remote: https://rubygems.org/
  specs:
    pg (1.6.2)
    pg (1.6.2-arm64-darwin)

PLATFORMS
  arm64-darwin-22
  ruby

DEPENDENCIES
  pg

BUNDLED WITH
   2.6.5
